PATH
  remote: .
  specs:
    graphite_graph (0.0.1)

GEM
  remote: http://rubygems.org/
  specs:

PLATFORMS
  ruby

DEPENDENCIES
  graphite_graph!
